GIT
  remote: https://github.com/pattex/jekyll-tagging.git
  revision: a981f786b161938a871195afc8d19e129f13fb49
  specs:
    jekyll-tagging (1.0.1)
      ruby-nuggets

GEM
  remote: https://rubygems.org/
  specs:
    addressable (2.5.0)
      public_suffix (~> 2.0, >= 2.0.2)
    coderay (1.1.1)
    colorator (1.1.0)
    ffi (1.9.14)
    forwardable-extended (2.6.0)
    jalalidate (0.3.3)
    jekyll (3.3.1)
      addressable (~> 2.4)
      colorator (~> 1.0)
      jekyll-sass-converter (~> 1.0)
      jekyll-watch (~> 1.1)
      kramdown (~> 1.3)
      liquid (~> 3.0)
      mercenary (~> 0.3.3)
      pathutil (~> 0.9)
      rouge (~> 1.7)
      safe_yaml (~> 1.0)
    jekyll-paginate (1.1.0)
    jekyll-sass-converter (1.5.0)
      sass (~> 3.4)
    jekyll-sitemap (0.12.0)
      jekyll (~> 3.3)
    jekyll-watch (1.5.0)
      listen (~> 3.0, < 3.1)
    kramdown (1.13.1)
    libv8 (3.16.14.17)
    liquid (3.0.6)
    listen (3.0.8)
      rb-fsevent (~> 0.9, >= 0.9.4)
      rb-inotify (~> 0.9, >= 0.9.7)
    mercenary (0.3.6)
    multi_json (1.12.1)
    nuggets (1.0.0)
    pathutil (0.14.0)
      forwardable-extended (~> 2.6)
    public_suffix (2.0.4)
    pygments.rb (1.1.1)
      multi_json (>= 1.0.0)
    rb-fsevent (0.9.8)
    rb-inotify (0.9.7)
      ffi (>= 0.5.0)
    ref (2.0.0)
    rouge (1.11.1)
    ruby-nuggets (1.0.0)
      nuggets (= 1.0.0)
    safe_yaml (1.0.4)
    sass (3.4.23)
    therubyracer (0.12.2)
      libv8 (~> 3.16.14.0)
      ref
    yajl-ruby (1.3.0)

PLATFORMS
  ruby

DEPENDENCIES
  coderay
  jalalidate
  jekyll
  jekyll-paginate
  jekyll-sitemap
  jekyll-tagging!
  jekyll-watch
  kramdown
  pygments.rb
  therubyracer
  yajl-ruby

BUNDLED WITH
   1.13.7
